PATH
  remote: .
  specs:
    motcap2json (0.1.0)

GEM
  remote: https://rubygems.org/
  specs:
    rake (12.3.3)

PLATFORMS
  ruby

DEPENDENCIES
  motcap2json!
  rake (~> 12.0)

BUNDLED WITH
   2.1.4
